GEM
  remote: http://rubygems.org/
  specs:
    addressable (2.8.0)
      public_suffix (>= 2.0.2, < 5.0)
    ansi (1.5.0)
    ast (2.4.2)
    bcl (0.7.1)
      builder (= 3.2.4)
      faraday (~> 1.0.1)
      minitar (~> 0.9)
      openstudio_measure_tester (~> 0.3.1)
      rexml (= 3.2.5)
      rubyzip (~> 2.3.2)
      spreadsheet (= 1.2.9)
      uuid (~> 2.3.9)
      yamler (= 0.1.0)
      zliby (= 0.0.5)
    builder (3.2.4)
    certified (1.0.0)
    docile (1.4.0)
    faraday (1.0.1)
      multipart-post (>= 1.2, < 3)
    git (1.8.1)
      rchardet (~> 1.8)
    json-schema (2.8.1)
      addressable (>= 2.4)
    json_pure (2.6.1)
    macaddr (1.7.2)
      systemu (~> 2.6.5)
    minitar (0.9)
    minitest (5.14.4)
    minitest-reporters (1.4.3)
      ansi
      builder
      minitest (>= 5.0)
      ruby-progressbar
    multipart-post (2.1.1)
    octokit (4.18.0)
      faraday (>= 0.9)
      sawyer (~> 0.8.0, >= 0.5.3)
    openstudio-extension (0.5.1)
      bcl (~> 0.7.1)
      bundler (>= 2.1.0)
      octokit (~> 4.18.0)
      openstudio-workflow (~> 2.3.0)
      openstudio_measure_tester (~> 0.3.1)
      parallel (~> 1.19.1)
    openstudio-load-flexibility-measures (0.4.0)
      bundler (~> 2.1)
      openstudio-extension (~> 0.5.1)
      openstudio-standards (~> 0.2.15)
    openstudio-standards (0.2.16)
    openstudio-workflow (2.3.1)
    openstudio_measure_tester (0.3.1)
      git (~> 1.8.1)
      minitest (~> 5.14.0)
      minitest-reporters (~> 1.4.2)
      rake (~> 13.0)
      rubocop (~> 1.15.0)
      rubocop-checkstyle_formatter (~> 0.4.0)
      rubocop-performance (~> 1.11.3)
      simplecov (~> 0.18.2)
    parallel (1.19.2)
    parser (3.1.2.0)
      ast (~> 2.4.1)
    public_suffix (4.0.7)
    rainbow (3.1.1)
    rake (13.0.6)
    rchardet (1.8.0)
    regexp_parser (2.3.1)
    rexml (3.2.5)
    rubocop (1.15.0)
      parallel (~> 1.10)
      parser (>= 3.0.0.0)
      rainbow (>= 2.2.2, < 4.0)
      regexp_parser (>= 1.8, < 3.0)
      rexml
      rubocop-ast (>= 1.5.0, < 2.0)
      ruby-progressbar (~> 1.7)
      unicode-display_width (>= 1.4.0, < 3.0)
    rubocop-ast (1.17.0)
      parser (>= 3.1.1.0)
    rubocop-checkstyle_formatter (0.4.0)
      rubocop (>= 0.35.1)
    rubocop-performance (1.11.5)
      rubocop (>= 1.7.0, < 2.0)
      rubocop-ast (>= 0.4.0)
    ruby-ole (1.2.12.2)
    ruby-progressbar (1.11.0)
    rubyzip (2.3.2)
    sawyer (0.8.2)
      addressable (>= 2.3.5)
      faraday (> 0.8, < 2.0)
    simplecov (0.18.5)
      docile (~> 1.1)
      simplecov-html (~> 0.11)
    simplecov-html (0.12.3)
    spreadsheet (1.2.9)
      ruby-ole
    sqlite3 (1.4.2)
    systemu (2.6.5)
    unicode-display_width (2.1.0)
    urbanopt-core (0.7.0)
      openstudio-extension (~> 0.5.1)
    urbanopt-geojson (0.7.0)
      json-schema (~> 2.8)
      urbanopt-core (~> 0.7.0)
    urbanopt-reopt (0.7.0)
      certified (~> 1)
      json_pure (~> 2)
      urbanopt-scenario (~> 0.7.0)
    urbanopt-reporting (0.5.0)
      json-schema (~> 2.8)
      json_pure (~> 2.3)
      openstudio-extension (~> 0.5.1)
    urbanopt-scenario (0.7.0)
      json-schema (~> 2.8)
      json_pure (~> 2.3)
      sqlite3 (= 1.4.2)
      urbanopt-core (~> 0.7.0)
      urbanopt-reporting (~> 0.5.0)
    uuid (2.3.9)
      macaddr (~> 1.0)
    yamler (0.1.0)
    zliby (0.0.5)

PLATFORMS
  x64-mingw32

DEPENDENCIES
  openstudio-load-flexibility-measures (= 0.4.0)
  urbanopt-geojson (~> 0.7.0)
  urbanopt-reopt (= 0.7.0)
  urbanopt-reporting (~> 0.5.0)
  urbanopt-scenario (~> 0.7.0)

RUBY VERSION
   ruby 2.7.2p137

BUNDLED WITH
   2.1.4
